GIT
  remote: https://github.com/wjr1985/teaas.git
  revision: afb44c021513a12cf8a46545da22d7990f5c7b29
  specs:
    teaas (1.0.0.bacon)
      rmagick (~> 2.15)

GEM
  remote: https://rubygems.org/
  specs:
    aws-sdk (2.2.34)
      aws-sdk-resources (= 2.2.34)
    aws-sdk-core (2.2.34)
      jmespath (~> 1.0)
    aws-sdk-resources (2.2.34)
      aws-sdk-core (= 2.2.34)
    dotenv (2.1.1)
    haml (4.0.7)
      tilt
    jmespath (1.2.4)
      json_pure (>= 1.8.1)
    json_pure (1.8.3)
    puma (2.15.3)
    rack (1.6.4)
    rack-protection (1.5.3)
      rack
    rmagick (2.15.4)
    sinatra (1.4.6)
      rack (~> 1.4)
      rack-protection (~> 1.4)
      tilt (>= 1.3, < 3)
    tilt (2.0.2)

PLATFORMS
  ruby

DEPENDENCIES
  aws-sdk (~> 2)
  dotenv
  haml
  puma
  sinatra
  teaas!

BUNDLED WITH
   1.11.2
