GIT
  remote: https://github.com/wjr1985/teaas.git
  revision: e6ec34240527657ea33ff751c5eb0bd40f95eddb
  tag: 0.2.4b
  specs:
    teaas (0.2.3)
      rmagick (~> 2.15)

GEM
  remote: https://rubygems.org/
  specs:
    haml (4.0.7)
      tilt
    puma (2.15.3)
    rack (1.6.4)
    rack-protection (1.5.3)
      rack
    rmagick (2.15.4)
    sinatra (1.4.6)
      rack (~> 1.4)
      rack-protection (~> 1.4)
      tilt (>= 1.3, < 3)
    tilt (2.0.2)

PLATFORMS
  ruby

DEPENDENCIES
  haml
  puma
  sinatra
  teaas!

BUNDLED WITH
   1.10.6
