GIT
  remote: https://github.com/wjr1985/teaas.git
  revision: 546c4ee3694af9ddbd92435bfac337e196e5f1e5
  ref: 546c4ee3694af9ddbd92435bfac337e196e5f1e5
  specs:
    teaas (1.0.0)
      rmagick (~> 2.15)

GEM
  remote: https://rubygems.org/
  specs:
    aws-sdk (2.2.34)
      aws-sdk-resources (= 2.2.34)
    aws-sdk-core (2.2.34)
      jmespath (~> 1.0)
    aws-sdk-resources (2.2.34)
      aws-sdk-core (= 2.2.34)
    dotenv (2.1.1)
    jmespath (1.2.4)
      json_pure (>= 1.8.1)
    json_pure (1.8.3)
    puma (2.15.3)
    rack (1.6.4)
    rack-protection (1.5.3)
      rack
    rmagick (2.15.4)
    sinatra (1.4.6)
      rack (~> 1.4)
      rack-protection (~> 1.4)
      tilt (>= 1.3, < 3)
    tilt (2.0.2)

PLATFORMS
  ruby

DEPENDENCIES
  aws-sdk (~> 2)
  dotenv
  puma
  rmagick
  sinatra
  teaas!

RUBY VERSION
   ruby 2.3.1p112

BUNDLED WITH
   1.14.6
