GEM
  remote: https://rubygems.org/
  specs:
    haml (4.0.7)
      tilt
    puma (2.15.3)
    rack (1.6.4)
    rack-protection (1.5.3)
      rack
    rmagick (2.15.4)
    sinatra (1.4.6)
      rack (~> 1.4)
      rack-protection (~> 1.4)
      tilt (>= 1.3, < 3)
    teaas (0.1.0)
      rmagick (~> 2.15)
    tilt (2.0.1)

PLATFORMS
  ruby

DEPENDENCIES
  haml
  puma
  sinatra
  teaas

BUNDLED WITH
   1.10.6
